GEM
  remote: https://rubygems.org/
  specs:
    addressable (2.4.0)
    cookiejar (0.3.3)
    em-http-request (1.1.5)
      addressable (>= 2.3.4)
      cookiejar (!= 0.3.1)
      em-socksify (>= 0.3)
      eventmachine (>= 1.0.3)
      http_parser.rb (>= 0.6.0)
    em-socksify (0.3.1)
      eventmachine (>= 1.0.0.beta.4)
    eventmachine (1.2.3)
    ffi (1.9.18)
    http_parser.rb (0.6.0)
    rubyzip (1.2.1)

PLATFORMS
  ruby

DEPENDENCIES
  em-http-request
  eventmachine
  ffi
  rubyzip

RUBY VERSION
   ruby 1.9.3p551

BUNDLED WITH
   1.14.6
